GEM
  remote: https://rubygems.org/
  specs:
    parallel (1.12.0)
    ruby-progressbar (1.9.0)

PLATFORMS
  ruby

DEPENDENCIES
  parallel (= 1.12.0)
  ruby-progressbar (= 1.9.0)

BUNDLED WITH
   1.16.1
